GIT
  remote: git://github.com/andrew/split.git
  revision: 0b8d8c79a4e449c18e4d691ec01715f1ed5a426f
  specs:
    split (0.5.0)
      redis (>= 2.1)
      redis-namespace (>= 1.1.0)
      simple-random
      sinatra (>= 1.2.6)

GEM
  remote: http://rubygems.org/
  specs:
    rack (1.5.2)
    rack-protection (1.3.2)
      rack
    redis (3.0.3)
    redis-namespace (1.2.1)
      redis (~> 3.0.0)
    simple-random (0.9.3)
    sinatra (1.3.4)
      rack (~> 1.4)
      rack-protection (~> 1.3)
      tilt (~> 1.3, >= 1.3.3)
    tilt (1.3.3)

PLATFORMS
  ruby

DEPENDENCIES
  sinatra
  split!
